GEM
  remote: https://rubygems.org/
  specs:
    json (2.0.2)
    mail (2.6.4)
      mime-types (>= 1.16, < 4)
    mime-types (3.1)
      mime-types-data (~> 3.2015)
    mime-types-data (3.2016.0521)
    pg (0.18.4)
    pony (1.11)
      mail (>= 2.0)
    rack (1.6.4)
    rack-protection (1.5.3)
      rack
    recaptcha (3.3.0)
      json
    sinatra (1.4.7)
      rack (~> 1.5)
      rack-protection (~> 1.4)
      tilt (>= 1.3, < 3)
    tilt (2.0.5)

PLATFORMS
  ruby

DEPENDENCIES
  pg (~> 0.18.4)
  pony (~> 1.11)
  recaptcha (= 3.3.0)
  sinatra (~> 1.4.7)

RUBY VERSION
   ruby 2.3.1p112

BUNDLED WITH
   1.15.4
