GEM
  remote: https://rubygems.org/
  specs:
    aws-sdk (2.10.33)
      aws-sdk-resources (= 2.10.33)
    aws-sdk-core (2.10.33)
      aws-sigv4 (~> 1.0)
      jmespath (~> 1.0)
    aws-sdk-resources (2.10.33)
      aws-sdk-core (= 2.10.33)
    aws-sigv4 (1.0.1)
    jmespath (1.3.1)
    mail (2.6.6)
      mime-types (>= 1.16, < 4)
    mime-types (3.1)
      mime-types-data (~> 3.2015)
    mime-types-data (3.2016.0521)
    mustermann (1.0.0)
    rack (2.0.3)
    rack-protection (2.0.0)
      rack
    sinatra (2.0.0)
      mustermann (~> 1.0)
      rack (~> 2.0)
      rack-protection (= 2.0.0)
      tilt (~> 2.0)
    tilt (2.0.8)

PLATFORMS
  ruby

DEPENDENCIES
  aws-sdk
  mail
  sinatra

BUNDLED WITH
   1.15.3
